GEM
  remote: https://rubygems.org/
  specs:
    http_parser.rb (0.6.0)

PLATFORMS
  ruby

DEPENDENCIES
  http_parser.rb

BUNDLED WITH
   1.11.2
